PATH
  remote: .
  specs:
    eco (1.0.0)
      coffee-script
      execjs

GEM
  remote: https://rubygems.org/
  specs:
    coffee-script (2.4.1)
      coffee-script-source
      execjs
    coffee-script-source (1.12.2)
    execjs (2.7.0)

PLATFORMS
  ruby

DEPENDENCIES
  eco!

BUNDLED WITH
   1.17.2
